GEM
  remote: https://rubygems.org/
  specs:
    github-markup (1.3.3)
    rack (1.6.1)
    redcarpet (3.2.3)

PLATFORMS
  ruby

DEPENDENCIES
  github-markup
  rack
  redcarpet
